PATH
  remote: .
  specs:
    minfra-cli (1.13.1)
      activesupport (= 7.0.7.2)
      erubis (~> 2.7)
      hashie (~> 3.5)
      hiera (= 3.9.0)
      hiera-eyaml (= 3.3.0)
      hiera-eyaml-gpg (= 0.7.4)
      rest-client (~> 2.0)
      table_print (= 1.5.6)
      thor (~> 1.0, >= 1.0.0)

GEM
  remote: https://rubygems.org/
  specs:
    activesupport (7.0.7.2)
      concurrent-ruby (~> 1.0, >= 1.0.2)
      i18n (>= 1.6, < 2)
      minitest (>= 5.1)
      tzinfo (~> 2.0)
    concurrent-ruby (1.2.2)
    diff-lcs (1.5.0)
    domain_name (0.6.20231109)
    erubis (2.7.0)
    hashie (3.6.0)
    hiera (3.9.0)
    hiera-eyaml (3.3.0)
      highline
      optimist
    hiera-eyaml-gpg (0.7.4)
      hiera-eyaml (>= 1.3.8)
    highline (2.1.0)
    http-accept (1.7.0)
    http-cookie (1.0.5)
      domain_name (~> 0.5)
    i18n (1.14.1)
      concurrent-ruby (~> 1.0)
    mime-types (3.5.1)
      mime-types-data (~> 3.2015)
    mime-types-data (3.2023.1205)
    minitest (5.20.0)
    netrc (0.11.0)
    optimist (3.1.0)
    rake (12.3.3)
    rest-client (2.1.0)
      http-accept (>= 1.7.0, < 2.0)
      http-cookie (>= 1.0.2, < 2.0)
      mime-types (>= 1.16, < 4.0)
      netrc (~> 0.8)
    rspec (3.12.0)
      rspec-core (~> 3.12.0)
      rspec-expectations (~> 3.12.0)
      rspec-mocks (~> 3.12.0)
    rspec-core (3.12.2)
      rspec-support (~> 3.12.0)
    rspec-expectations (3.12.3)
      diff-lcs (>= 1.2.0, < 2.0)
      rspec-support (~> 3.12.0)
    rspec-mocks (3.12.6)
      diff-lcs (>= 1.2.0, < 2.0)
      rspec-support (~> 3.12.0)
    rspec-support (3.12.1)
    table_print (1.5.6)
    thor (1.3.0)
    timecop (0.9.8)
    tzinfo (2.0.6)
      concurrent-ruby (~> 1.0)

PLATFORMS
  ruby

DEPENDENCIES
  minfra-cli!
  rake (~> 12.0)
  rspec (~> 3.0)
  timecop (~> 0.9.5)

BUNDLED WITH
   2.1.4
