PATH
  remote: .
  specs:
    minfra-cli (1.7.0)
      activesupport (~> 6.1)
      erubis (~> 2.7)
      hashie (~> 3.5)
      hiera (= 3.9.0)
      hiera-eyaml (= 3.3.0)
      hiera-eyaml-gpg (= 0.7.4)
      rest-client (~> 2.0)
      table_print (= 1.5.6)
      thor (~> 1.0, >= 1.0.0)

GEM
  remote: https://rubygems.org/
  specs:
    activesupport (6.1.7.2)
      concurrent-ruby (~> 1.0, >= 1.0.2)
      i18n (>= 1.6, < 2)
      minitest (>= 5.1)
      tzinfo (~> 2.0)
      zeitwerk (~> 2.3)
    concurrent-ruby (1.2.0)
    diff-lcs (1.5.0)
    domain_name (0.5.20190701)
      unf (>= 0.0.5, < 1.0.0)
    erubis (2.7.0)
    hashie (3.6.0)
    hiera (3.9.0)
    hiera-eyaml (3.3.0)
      highline
      optimist
    hiera-eyaml-gpg (0.7.4)
      hiera-eyaml (>= 1.3.8)
    highline (2.1.0)
    http-accept (1.7.0)
    http-cookie (1.0.5)
      domain_name (~> 0.5)
    i18n (1.12.0)
      concurrent-ruby (~> 1.0)
    mime-types (3.4.1)
      mime-types-data (~> 3.2015)
    mime-types-data (3.2022.0105)
    minitest (5.17.0)
    netrc (0.11.0)
    optimist (3.0.1)
    rake (12.3.3)
    rest-client (2.1.0)
      http-accept (>= 1.7.0, < 2.0)
      http-cookie (>= 1.0.2, < 2.0)
      mime-types (>= 1.16, < 4.0)
      netrc (~> 0.8)
    rspec (3.11.0)
      rspec-core (~> 3.11.0)
      rspec-expectations (~> 3.11.0)
      rspec-mocks (~> 3.11.0)
    rspec-core (3.11.0)
      rspec-support (~> 3.11.0)
    rspec-expectations (3.11.1)
      diff-lcs (>= 1.2.0, < 2.0)
      rspec-support (~> 3.11.0)
    rspec-mocks (3.11.1)
      diff-lcs (>= 1.2.0, < 2.0)
      rspec-support (~> 3.11.0)
    rspec-support (3.11.1)
    table_print (1.5.6)
    thor (1.2.1)
    timecop (0.9.5)
    tzinfo (2.0.6)
      concurrent-ruby (~> 1.0)
    unf (0.1.4)
      unf_ext
    unf_ext (0.0.8.2)
    zeitwerk (2.6.6)

PLATFORMS
  ruby

DEPENDENCIES
  minfra-cli!
  rake (~> 12.0)
  rspec (~> 3.0)
  timecop (~> 0.9.5)

BUNDLED WITH
   2.1.4
